GEM
  remote: https://rubygems.org/
  specs:
    activesupport (6.1.4.1)
      concurrent-ruby (~> 1.0, >= 1.0.2)
      i18n (>= 1.6, < 2)
      minitest (>= 5.1)
      tzinfo (~> 2.0)
      zeitwerk (~> 2.3)
    concurrent-ruby (1.1.9)
    debug (1.9.1)
      irb (~> 1.10)
      reline (>= 0.3.8)
    diff-lcs (1.4.4)
    factory_bot (6.2.0)
      activesupport (>= 5.0.0)
    i18n (1.8.10)
      concurrent-ruby (~> 1.0)
    io-console (0.7.2)
    irb (1.12.0)
      rdoc
      reline (>= 0.4.2)
    kosi (1.0.1)
      unicode (>= 0.4.4)
    minitest (5.14.4)
    psych (5.1.2)
      stringio
    rdoc (6.6.2)
      psych (>= 4.0.0)
    reline (0.4.3)
      io-console (~> 0.5)
    rexml (3.2.5)
    rspec (3.10.0)
      rspec-core (~> 3.10.0)
      rspec-expectations (~> 3.10.0)
      rspec-mocks (~> 3.10.0)
    rspec-core (3.10.1)
      rspec-support (~> 3.10.0)
    rspec-expectations (3.10.1)
      diff-lcs (>= 1.2.0, < 2.0)
      rspec-support (~> 3.10.0)
    rspec-mocks (3.10.2)
      diff-lcs (>= 1.2.0, < 2.0)
      rspec-support (~> 3.10.0)
    rspec-support (3.10.2)
    stringio (3.1.0)
    tzinfo (2.0.4)
      concurrent-ruby (~> 1.0)
    unicode (0.4.4.4)
    zeitwerk (2.4.2)

PLATFORMS
  arm64-darwin-20
  arm64-darwin-23
  x86_64-linux

DEPENDENCIES
  debug
  factory_bot
  kosi
  rexml
  rspec

BUNDLED WITH
   2.5.6
